GEM
  remote: https://rubygems.org/
  specs:
    chunky_png (1.3.15)
    climate_control (0.2.0)
    cocaine (0.6.0)
      terrapin (= 0.6.0)
    color (1.8)
    lights (1.0.2)
      simpletable (~> 0.3.2)
    mini_portile2 (2.8.6)
    miro (0.4.0)
      chunky_png
      cocaine
      color
      oily_png
    nokogiri (1.16.5)
      mini_portile2 (~> 2.8.2)
      racc (~> 1.4)
    oily_png (1.2.1)
      chunky_png (~> 1.3.7)
    racc (1.7.3)
    simpletable (0.3.2)
    terrapin (0.6.0)
      climate_control (>= 0.0.3, < 1.0)

PLATFORMS
  ruby

DEPENDENCIES
  chunky_png (< 1.4.0)
  lights
  miro
  nokogiri

BUNDLED WITH
   2.2.15
