GEM
  remote: https://rubygems.org/
  specs:
    chunky_png (1.3.11)
    climate_control (0.2.0)
    cocaine (0.6.0)
      terrapin (= 0.6.0)
    color (1.8)
    curb (0.9.10)
    hue (0.2.0)
      curb
      json
      log_switch (= 0.4.0)
      thor
    json (2.3.0)
    log_switch (0.4.0)
    mini_portile2 (2.5.1)
    miro (0.4.0)
      chunky_png
      cocaine
      color
      oily_png
    nokogiri (1.11.5)
      mini_portile2 (~> 2.5.0)
      racc (~> 1.4)
    oily_png (1.2.1)
      chunky_png (~> 1.3.7)
    racc (1.5.2)
    terrapin (0.6.0)
      climate_control (>= 0.0.3, < 1.0)
    thor (1.0.1)

PLATFORMS
  ruby

DEPENDENCIES
  color
  hue (>= 0.2.0)
  miro
  nokogiri (>= 1.11.4)

BUNDLED WITH
   1.17.3
