GEM
  remote: https://rubygems.org/
  specs:
    chunky_png (1.3.8)
    climate_control (0.1.0)
    cocaine (0.5.8)
      climate_control (>= 0.0.3, < 1.0)
    color (1.8)
    curb (0.9.3)
    hue (0.2.0)
      curb
      json
      log_switch (= 0.4.0)
      thor
    json (2.0.3)
    log_switch (0.4.0)
    miro (0.4.0)
      chunky_png
      cocaine
      color
      oily_png
    nokogiri (1.5.3)
    oily_png (1.2.1)
      chunky_png (~> 1.3.7)
    thor (0.19.4)

PLATFORMS
  ruby

DEPENDENCIES
  color
  hue
  miro
  nokogiri (= 1.5.3)

BUNDLED WITH
   1.13.6
