GEM
  remote: https://rubygems.org/
  specs:
    chunky_png (1.3.15)
    climate_control (0.2.0)
    cocaine (0.6.0)
      terrapin (= 0.6.0)
    color (1.8)
    faraday (2.9.0)
      faraday-net_http (>= 2.0, < 3.2)
    faraday-net_http (3.1.0)
      net-http
    lights (1.0.2)
      simpletable (~> 0.3.2)
    miro (0.4.0)
      chunky_png
      cocaine
      color
      oily_png
    net-http (0.4.1)
      uri
    oily_png (1.2.1)
      chunky_png (~> 1.3.7)
    simpletable (0.3.2)
    terrapin (0.6.0)
      climate_control (>= 0.0.3, < 1.0)
    uri (0.13.0)

PLATFORMS
  ruby

DEPENDENCIES
  chunky_png (< 1.4.0)
  faraday
  lights
  miro

BUNDLED WITH
   2.2.15
